GEM
  remote: http://rubygems.org/
  specs:
    libxml-ruby (2.2.2)
    open4 (1.3.0)

PLATFORMS
  ruby

DEPENDENCIES
  libxml-ruby (= 2.2.2)
  open4 (= 1.3.0)
